GIT
  remote: git://github.com/Yager47/codebreaker.git
  revision: c00eb2e0254b0ac0ffc3827bf138457b256c60d9
  specs:
    codebreaker (0.1.0)

GEM
  remote: https://rubygems.org/
  specs:
    diff-lcs (1.2.5)
    rack (1.6.4)
    rspec (3.4.0)
      rspec-core (~> 3.4.0)
      rspec-expectations (~> 3.4.0)
      rspec-mocks (~> 3.4.0)
    rspec-core (3.4.1)
      rspec-support (~> 3.4.0)
    rspec-expectations (3.4.0)
      diff-lcs (>= 1.2.0, < 2.0)
      rspec-support (~> 3.4.0)
    rspec-mocks (3.4.0)
      diff-lcs (>= 1.2.0, < 2.0)
      rspec-support (~> 3.4.0)
    rspec-support (3.4.1)

PLATFORMS
  ruby

DEPENDENCIES
  codebreaker!
  rack
  rspec

BUNDLED WITH
   1.10.6
